PATH
  remote: .
  specs:
    right_chimp (2.0)
      nokogiri (~> 1.5.9)
      progressbar (~> 0.11.0)
      rake (~> 0.9.2.2)

GEM
  remote: https://rubygems.org/
  specs:
    diff-lcs (1.1.3)
    nokogiri (1.5.11)
    progressbar (0.11.0)
    rake (0.9.2.2)
    rspec (2.6.0)
      rspec-core (~> 2.6.0)
      rspec-expectations (~> 2.6.0)
      rspec-mocks (~> 2.6.0)
    rspec-core (2.6.4)
    rspec-expectations (2.6.0)
      diff-lcs (~> 1.1.2)
    rspec-mocks (2.6.0)

PLATFORMS
  ruby

DEPENDENCIES
  right_chimp!
  rspec (~> 2.6.0)
