PATH
  remote: .
  specs:
    right_chimp (2.1.7)
      highline (~> 1.7.2)
      nokogiri (~> 1.5.9)
      progressbar (~> 0.11.0)
      rake (~> 10.4.2)
      right_api_client (> 1.5)

GEM
  remote: https://rubygems.org/
  specs:
    diff-lcs (1.1.3)
    domain_name (0.5.25)
      unf (>= 0.0.5, < 1.0.0)
    highline (1.7.8)
    http-cookie (1.0.2)
      domain_name (~> 0.5)
    json (1.8.3)
    mime-types (1.25.1)
    netrc (0.11.0)
    nokogiri (1.5.11)
    progressbar (0.11.0)
    rake (10.4.2)
    rest-client (1.8.0)
      http-cookie (>= 1.0.2, < 2.0)
      mime-types (>= 1.16, < 3.0)
      netrc (~> 0.7)
    right_api_client (1.6.1)
      json (~> 1.0)
      mime-types (~> 1.0)
      rest-client (~> 1.6)
    rspec (2.6.0)
      rspec-core (~> 2.6.0)
      rspec-expectations (~> 2.6.0)
      rspec-mocks (~> 2.6.0)
    rspec-core (2.6.4)
    rspec-expectations (2.6.0)
      diff-lcs (~> 1.1.2)
    rspec-mocks (2.6.0)
    unf (0.1.4)
      unf_ext
    unf_ext (0.0.7.1)

PLATFORMS
  ruby

DEPENDENCIES
  right_chimp!
  rspec (~> 2.6.0)

BUNDLED WITH
   1.10.6
