PATH
  remote: .
  specs:
    right_chimp (1.0)
      progressbar (~> 0.11.0)
      rake (~> 0.9.2.2)
      rest-client (~> 1.6.7)
      rest_connection (~> 1.0.6)

GEM
  remote: https://rubygems.org/
  specs:
    activesupport (3.2.13)
      i18n (= 0.6.1)
      multi_json (~> 1.0)
    diff-lcs (1.1.3)
    highline (1.6.18)
    i18n (0.6.1)
    json (1.7.7)
    mime-types (1.23)
    multi_json (1.7.2)
    net-ssh (2.6.7)
    nokogiri (1.5.9)
    progressbar (0.11.0)
    rake (0.9.2.2)
    rest-client (1.6.7)
      mime-types (>= 1.16)
    rest_connection (1.0.6)
      activesupport
      highline
      json
      net-ssh
      nokogiri
      rest-client
    rspec (2.6.0)
      rspec-core (~> 2.6.0)
      rspec-expectations (~> 2.6.0)
      rspec-mocks (~> 2.6.0)
    rspec-core (2.6.4)
    rspec-expectations (2.6.0)
      diff-lcs (~> 1.1.2)
    rspec-mocks (2.6.0)

PLATFORMS
  ruby

DEPENDENCIES
  right_chimp!
  rspec (~> 2.6.0)
